GEM
  remote: http://rubygems.org/
  specs:
    base64 (0.3.0)
    byebug (12.0.0)
    cgi (0.5.0)
    date (3.4.1)
    diff-lcs (1.6.2)
    digest (3.2.0)
    logger (1.7.0)
    multi_json (1.16.0)
    mustermann (3.0.1)
      ruby2_keywords (~> 0.0.1)
    open-uri (0.5.0)
      stringio
      time
      uri
    passenger (6.0.27)
      rack (>= 1.6.13)
      rackup (>= 1.0.1)
      rake (>= 12.3.3)
    rack (3.1.16)
    rack-contrib (2.5.0)
      rack (< 4)
    rack-protection (4.1.1)
      base64 (>= 0.1.0)
      logger (>= 1.6.0)
      rack (>= 3.0.0, < 4)
    rack-session (2.1.1)
      base64 (>= 0.1.0)
      rack (>= 3.0.0)
    rack-test (2.2.0)
      rack (>= 1.3)
    rackup (2.2.1)
      rack (>= 3)
    rake (13.3.0)
    require_all (3.0.0)
    rspec (3.13.1)
      rspec-core (~> 3.13.0)
      rspec-expectations (~> 3.13.0)
      rspec-mocks (~> 3.13.0)
    rspec-core (3.13.5)
      rspec-support (~> 3.13.0)
    rspec-expectations (3.13.5)
      diff-lcs (>= 1.2.0, < 2.0)
      rspec-support (~> 3.13.0)
    rspec-mocks (3.13.5)
      diff-lcs (>= 1.2.0, < 2.0)
      rspec-support (~> 3.13.0)
    rspec-support (3.13.4)
    rszr (1.5.0)
    ruby2_keywords (0.0.5)
    sinatra (4.1.1)
      logger (>= 1.6.0)
      mustermann (~> 3.0)
      rack (>= 3.0.0, < 4)
      rack-protection (= 4.1.1)
      rack-session (>= 2.0.0, < 3)
      tilt (~> 2.0)
    sinatra-contrib (4.1.1)
      multi_json (>= 0.0.2)
      mustermann (~> 3.0)
      rack-protection (= 4.1.1)
      sinatra (= 4.1.1)
      tilt (~> 2.0)
    stringio (3.1.7)
    tilt (2.6.1)
    time (0.4.1)
      date
    uri (1.0.3)

PLATFORMS
  x86_64-darwin-23
  x86_64-darwin-24

DEPENDENCIES
  byebug
  cgi
  digest
  mustermann (= 3.0.1)
  open-uri
  passenger
  rack-contrib
  rack-test
  rake
  require_all
  rspec
  rszr
  sinatra
  sinatra-contrib

RUBY VERSION
   ruby 3.3.6p108

BUNDLED WITH
   2.5.22
