GEM
  remote: http://rubygems.org/
  specs:
    base64 (0.2.0)
    byebug (11.1.3)
    cgi (0.4.1)
    daemons (1.4.1)
    date (3.3.4)
    diff-lcs (1.5.1)
    digest (3.1.1)
    eventmachine (1.2.7)
    multi_json (1.15.0)
    mustermann (3.0.0)
      ruby2_keywords (~> 0.0.1)
    open-uri (0.4.1)
      stringio
      time
      uri
    passenger (6.0.20)
      rack
      rake (>= 0.8.1)
    rack (2.2.8.1)
    rack-contrib (2.4.0)
      rack (< 4)
    rack-protection (3.2.0)
      base64 (>= 0.1.0)
      rack (~> 2.2, >= 2.2.4)
    rack-test (2.1.0)
      rack (>= 1.3)
    rake (13.1.0)
    require_all (3.0.0)
    rspec (3.13.0)
      rspec-core (~> 3.13.0)
      rspec-expectations (~> 3.13.0)
      rspec-mocks (~> 3.13.0)
    rspec-core (3.13.0)
      rspec-support (~> 3.13.0)
    rspec-expectations (3.13.0)
      diff-lcs (>= 1.2.0, < 2.0)
      rspec-support (~> 3.13.0)
    rspec-mocks (3.13.0)
      diff-lcs (>= 1.2.0, < 2.0)
      rspec-support (~> 3.13.0)
    rspec-support (3.13.1)
    rszr (1.5.0)
    ruby2_keywords (0.0.5)
    sinatra (3.2.0)
      mustermann (~> 3.0)
      rack (~> 2.2, >= 2.2.4)
      rack-protection (= 3.2.0)
      tilt (~> 2.0)
    sinatra-contrib (3.2.0)
      multi_json (>= 0.0.2)
      mustermann (~> 3.0)
      rack-protection (= 3.2.0)
      sinatra (= 3.2.0)
      tilt (~> 2.0)
    stringio (3.1.0)
    thin (1.8.2)
      daemons (~> 1.0, >= 1.0.9)
      eventmachine (~> 1.0, >= 1.0.4)
      rack (>= 1, < 3)
    tilt (2.3.0)
    time (0.3.0)
      date
    uri (0.13.0)

PLATFORMS
  x86_64-darwin-23

DEPENDENCIES
  byebug
  cgi
  digest
  open-uri
  passenger
  rack-contrib
  rack-test
  rake
  require_all
  rspec
  rszr
  sinatra
  sinatra-contrib
  thin

RUBY VERSION
   ruby 3.2.1p31

BUNDLED WITH
   2.5.5
